GIT
  remote: https://github.com/Shopify/liquid.git
  revision: 44dfa39568420bcb7a6565e5c7903fc6602fc4ae
  branch: rigid-mode
  specs:
    liquid (5.8.7)
      bigdecimal
      strscan (>= 3.1.1)

GEM
  remote: https://rubygems.org/
  specs:
    ast (2.4.3)
    base64 (0.2.0)
    benchmark-ips (2.14.0)
    bigdecimal (3.3.1)
    hana (1.3.7)
    json (2.15.1)
    json_schemer (2.4.0)
      bigdecimal
      hana (~> 1.3)
      regexp_parser (~> 2.0)
      simpleidn (~> 0.2)
    language_server-protocol (3.17.0.5)
    lint_roller (1.1.0)
    lru_redux (1.1.0)
    minitest (5.26.0)
    parallel (1.27.0)
    parser (3.3.9.0)
      ast (~> 2.4.1)
      racc
    prism (1.6.0)
    racc (1.8.1)
    rainbow (3.1.1)
    rake (13.3.0)
    regexp_parser (2.11.3)
    rubocop (1.81.6)
      json (~> 2.3)
      language_server-protocol (~> 3.17.0.2)
      lint_roller (~> 1.1.0)
      parallel (~> 1.10)
      parser (>= 3.3.0.2)
      rainbow (>= 2.2.2, < 4.0)
      regexp_parser (>= 2.9.3, < 3.0)
      rubocop-ast (>= 1.47.1, < 2.0)
      ruby-progressbar (~> 1.7)
      unicode-display_width (>= 2.4.0, < 4.0)
    rubocop-ast (1.47.1)
      parser (>= 3.3.7.2)
      prism (~> 1.4)
    rubocop-minitest (0.37.1)
      lint_roller (~> 1.1)
      rubocop (>= 1.72.1, < 2.0)
      rubocop-ast (>= 1.38.0, < 2.0)
    rubocop-rake (0.7.1)
      lint_roller (~> 1.1)
      rubocop (>= 1.72.1)
    ruby-progressbar (1.13.0)
    simpleidn (0.2.3)
    strscan (3.1.5)
    unicode-display_width (3.2.0)
      unicode-emoji (~> 4.1)
    unicode-emoji (4.1.0)

PLATFORMS
  ruby
  x86_64-linux

DEPENDENCIES
  base64 (~> 0.2.0)
  benchmark-ips (~> 2.14)
  json
  json_schemer (~> 2.4)
  liquid!
  lru_redux
  minitest
  rake (~> 13.2)
  rubocop
  rubocop-minitest (~> 0.37.1)
  rubocop-rake (~> 0.7.1)

BUNDLED WITH
   2.6.2
